GEM
  remote: https://rubygems.org/
  specs:
    alphred (2.0.0)
      builder (~> 3.2)
    builder (3.2.2)
    faraday (0.9.2)
      multipart-post (>= 1.2, < 3)
    multipart-post (2.0.0)
    rake (11.2.2)

PLATFORMS
  ruby

DEPENDENCIES
  alphred (~> 2.0)
  faraday (~> 0.9)
  rake (~> 11.2.0)

BUNDLED WITH
   1.11.2
